GEM
  remote: https://rubygems.org/
  specs:
    activesupport (3.2.14)
      i18n (~> 0.6, >= 0.6.4)
      multi_json (~> 1.0)
    chunky_png (1.2.8)
    coderay (1.0.9)
    compass (0.12.2)
      chunky_png (~> 1.2)
      fssm (>= 0.2.7)
      sass (~> 3.1)
    em-websocket (0.5.0)
      eventmachine (>= 0.12.9)
      http_parser.rb (~> 0.5.3)
    eventmachine (1.0.3)
    ffi (1.7.0)
    formatador (0.2.4)
    fssm (0.2.10)
    guard (1.8.0)
      formatador (>= 0.2.4)
      listen (>= 1.0.0)
      lumberjack (>= 1.0.2)
      pry (>= 0.9.10)
      thor (>= 0.14.6)
    guard-compass (0.0.6)
      compass (>= 0.10.5)
      guard (>= 0.2.1)
    guard-livereload (1.3.0)
      em-websocket (>= 0.2.0)
      guard (>= 1.5.0)
      multi_json (~> 1.0)
    haml (4.0.3)
      tilt
    http_parser.rb (0.5.3)
    i18n (0.6.5)
    listen (1.0.0)
      rb-fsevent (>= 0.9.3)
      rb-inotify (>= 0.9)
      rb-kqueue (>= 0.2)
    lumberjack (1.0.3)
    method_source (0.8.1)
    modular-scale (2.0.4)
      compass (>= 0.12.0)
    multi_json (1.7.2)
    pry (0.9.12.1)
      coderay (~> 1.0.5)
      method_source (~> 0.8)
      slop (~> 3.4)
    rack (1.5.2)
    rack-test (0.6.2)
      rack (>= 1.0)
    rb-fsevent (0.9.3)
    rb-inotify (0.9.0)
      ffi (>= 0.5.0)
    rb-kqueue (0.2.0)
      ffi (>= 0.5.0)
    redcarpet (3.0.0)
    sass (3.2.7)
    serve (1.5.2)
      activesupport (~> 3.2.12)
      i18n
      rack (~> 1.5.2)
      rack-test (~> 0.6.2)
      tilt (~> 1.3.3)
      tzinfo
    slop (3.4.4)
    susy (1.0.9)
      compass (>= 0.12.2)
      sass (>= 3.2.0)
    thor (0.18.1)
    tilt (1.3.7)
    tzinfo (1.0.1)

PLATFORMS
  ruby

DEPENDENCIES
  guard
  guard-compass
  guard-livereload
  haml
  modular-scale
  redcarpet
  serve
  susy
