GIT
  remote: git://github.com/pferdefleisch/guard-uglify.git
  revision: 34238afa4a3f44ddf13462bb29ee512714663cec
  specs:
    guard-uglify (0.2.0)
      guard (>= 0.2.2)
      uglifier

GEM
  remote: https://rubygems.org/
  specs:
    chunky_png (1.2.8)
    coderay (1.0.9)
    compass (0.12.2)
      chunky_png (~> 1.2)
      fssm (>= 0.2.7)
      sass (~> 3.1)
    compass_twitter_bootstrap (2.2.2.2)
      compass
    em-websocket (0.5.0)
      eventmachine (>= 0.12.9)
      http_parser.rb (~> 0.5.3)
    eventmachine (1.0.3)
    execjs (1.4.0)
      multi_json (~> 1.0)
    ffi (1.8.1)
    formatador (0.2.4)
    fssm (0.2.10)
    guard (1.8.0)
      formatador (>= 0.2.4)
      listen (>= 1.0.0)
      lumberjack (>= 1.0.2)
      pry (>= 0.9.10)
      thor (>= 0.14.6)
    guard-compass (0.0.6)
      compass (>= 0.10.5)
      guard (>= 0.2.1)
    guard-livereload (1.4.0)
      em-websocket (>= 0.5.0)
      guard (>= 1.8.0)
      multi_json (~> 1.7)
    http_parser.rb (0.5.3)
    json (1.7.7)
    listen (1.0.3)
      rb-fsevent (>= 0.9.3)
      rb-inotify (>= 0.9)
      rb-kqueue (>= 0.2)
    lumberjack (1.0.3)
    method_source (0.8.1)
    modular-scale (1.0.6)
      compass (>= 0.12.1)
      sass (>= 3.2.0)
      sassy-math (>= 1.5)
    multi_json (1.7.3)
    pry (0.9.12.1)
      coderay (~> 1.0.5)
      method_source (~> 0.8)
      slop (~> 3.4)
    rake (10.0.4)
    rb-fsevent (0.9.3)
    rb-inotify (0.9.0)
      ffi (>= 0.5.0)
    rb-kqueue (0.2.0)
      ffi (>= 0.5.0)
    sass (3.2.8)
    sassy-math (1.5)
      compass (~> 0.11)
    slop (3.4.4)
    susy (1.0.8)
      compass (>= 0.12.2)
      sass (>= 3.2.0)
    thor (0.18.1)
    uglifier (2.1.0)
      execjs (>= 0.3.0)
      multi_json (~> 1.0, >= 1.0.2)

PLATFORMS
  ruby

DEPENDENCIES
  compass
  compass_twitter_bootstrap
  guard
  guard-compass
  guard-livereload
  guard-uglify!
  json (~> 1.7.7)
  modular-scale
  pry
  rake
  rb-fsevent
  susy
